GEM
  remote: http://rubygems.org/
  specs:
    activesupport (3.0.6)
    addressable (2.2.6)
    aws-s3 (0.6.2)
      builder
      mime-types
      xml-simple
    builder (3.0.0)
    data_objects (0.10.3)
      addressable (~> 2.2.6)
    dm-core (1.1.0)
      addressable (~> 2.2.6)
       dm-core (1.2.0)
      addressable (~> 2.2.6)
    dm-do-adapter (1.1.0)
      data_objects (~> 0.10.2)
      dm-core (~> 1.1.0)
    dm-migrations (1.1.0)
      dm-core (~> 1.1.0)
    dm-validations (1.2.0)
      dm-core (~> 1.2.0)
    dm-postgres-adapter (1.1.0)
      dm-do-adapter (~> 1.1.0)
      do_postgres (~> 0.10.2)
    do_postgres (0.10.3)
      data_objects (= 0.10.3)
    i18n (0.5.0)
    mail (2.2.16)
      activesupport (>= 2.3.6)
      i18n (>= 0.4.0)
      mime-types (~> 1.16)
      treetop (~> 1.4.8)
    mime-types (1.16)
    polyglot (0.3.1)
    pony (1.1)
      mail (> 2.0)
    rack (1.2.2)
    rmagick (2.13.1)
    sinatra (1.2.1)
      rack (~> 1.1)
      tilt (< 2.0, >= 1.2.2)
    tilt (1.2.2)
    treetop (1.4.9)
      polyglot (>= 0.3.1)
    xml-simple (1.0.14)

PLATFORMS
  ruby

DEPENDENCIES
  aws-s3
  dm-core
  dm-migrations
  dm-validations
  dm-postgres-adapter
  do_postgres
  pony
  rmagick
  sinatra
